PATH
  remote: .
  specs:
    synapse (0.12.1)
      aws-sdk (~> 2.0)

GEM
  remote: http://rubygems.org/
  specs:
    aws-sdk (2.1.11)
      aws-sdk-resources (= 2.1.11)
    aws-sdk-core (2.1.11)
      jmespath (~> 1.0)
    aws-sdk-resources (2.1.11)
      aws-sdk-core (= 2.1.11)
    coderay (1.1.0)
    diff-lcs (1.2.5)
    jmespath (1.0.2)
      multi_json (~> 1.0)
    method_source (0.8.2)
    multi_json (1.11.2)
    pry (0.10.1)
      coderay (~> 1.1.0)
      method_source (~> 0.8.1)
      slop (~> 3.4)
    pry-nav (0.2.4)
      pry (>= 0.9.10, < 0.11.0)
    rake (0.9.6)
    rspec (3.3.0)
      rspec-core (~> 3.3.0)
      rspec-expectations (~> 3.3.0)
      rspec-mocks (~> 3.3.0)
    rspec-core (3.3.2)
      rspec-support (~> 3.3.0)
    rspec-expectations (3.3.1)
      diff-lcs (>= 1.2.0, < 2.0)
      rspec-support (~> 3.3.0)
    rspec-mocks (3.3.2)
      diff-lcs (>= 1.2.0, < 2.0)
      rspec-support (~> 3.3.0)
    rspec-support (3.3.0)
    slop (3.6.0)

PLATFORMS
  ruby

DEPENDENCIES
  pry (~> 0)
  pry-nav (~> 0)
  rake (~> 0)
  rspec (~> 3.1, >= 3.1.0)
  synapse!

BUNDLED WITH
   1.10.6
